GEM
  remote: https://rubygems.org/
  specs:
    git (1.3.0)
    json (1.8.3)
    rake (11.1.2)
    rdoc (4.2.2)
      json (~> 1.4)
    sdoc (0.4.1)
      json (~> 1.7, >= 1.7.7)
      rdoc (~> 4.0)

PLATFORMS
  ruby

DEPENDENCIES
  git
  rake
  sdoc

BUNDLED WITH
   1.11.2
